GEM
  remote: https://rubygems.org/
  specs:
    nokogiri (1.14.3-arm64-darwin)
      racc (~> 1.4)
    racc (1.6.2)

PLATFORMS
  arm64-darwin-22

DEPENDENCIES
  nokogiri (>= 1.11.0)

BUNDLED WITH
   2.4.12
