GEM
  remote: https://rubygems.org/
  specs:
    nokogiri (1.11.3-arm64-darwin)
      racc (~> 1.4)
    nokogiri (1.11.3-x86_64-darwin)
      racc (~> 1.4)
    racc (1.5.2)

PLATFORMS
  arm64-darwin-20
  x86_64-darwin-19
  x86_64-darwin-20

DEPENDENCIES
  nokogiri (>= 1.11.0)

BUNDLED WITH
   2.2.15
